GEM
  remote: https://rubygems.org/
  specs:
    addressable (2.3.6)
    css_parser (1.3.5)
      addressable
    htmlentities (4.3.2)
    mail (2.6.1)
      mime-types (>= 1.16, < 3)
    mime-types (2.3)
    mini_portile2 (2.4.0)
    nokogiri (1.10.10)
      mini_portile2 (~> 2.4.0)
    pony (1.8)
      mail (>= 2.0)
    premailer (1.8.2)
      css_parser (>= 1.3.5)
      htmlentities (>= 4.0.0)
    rake (10.3.2)

PLATFORMS
  ruby

DEPENDENCIES
  nokogiri
  pony
  premailer
  rake
