GEM
  remote: https://rubygems.org/
  specs:
    addressable (2.8.0)
      public_suffix (>= 2.0.2, < 5.0)
    css_parser (1.3.5)
      addressable
    htmlentities (4.3.2)
    mail (2.6.1)
      mime-types (>= 1.16, < 3)
    mime-types (2.3)
    mini_portile (0.6.0)
    nokogiri (1.6.2.1)
      mini_portile (= 0.6.0)
    pony (1.8)
      mail (>= 2.0)
    premailer (1.8.2)
      css_parser (>= 1.3.5)
      htmlentities (>= 4.0.0)
    public_suffix (4.0.6)
    rake (10.3.2)

PLATFORMS
  ruby

DEPENDENCIES
  nokogiri
  pony
  premailer
  rake
